PATH
  remote: .
  specs:
    nightcrawler_swift (0.4.0)
      multi_mime (>= 1.0.1)
      rest-client

GEM
  remote: https://rubygems.org/
  specs:
    byebug (3.2.0)
      columnize (~> 0.8)
      debugger-linecache (~> 1.2)
    codeclimate-test-reporter (0.4.0)
      simplecov (>= 0.7.1, < 1.0.0)
    columnize (0.8.9)
    debugger-linecache (1.2.0)
    diff-lcs (1.2.5)
    docile (1.1.5)
    mime-types (2.3)
    multi_json (1.10.1)
    multi_mime (1.0.1)
    netrc (0.7.7)
    rake (10.3.2)
    rest-client (1.7.2)
      mime-types (>= 1.16, < 3.0)
      netrc (~> 0.7)
    rspec (3.0.0)
      rspec-core (~> 3.0.0)
      rspec-expectations (~> 3.0.0)
      rspec-mocks (~> 3.0.0)
    rspec-core (3.0.4)
      rspec-support (~> 3.0.0)
    rspec-expectations (3.0.4)
      diff-lcs (>= 1.2.0, < 2.0)
      rspec-support (~> 3.0.0)
    rspec-mocks (3.0.4)
      rspec-support (~> 3.0.0)
    rspec-support (3.0.4)
    simplecov (0.9.0)
      docile (~> 1.1.0)
      multi_json
      simplecov-html (~> 0.8.0)
    simplecov-html (0.8.0)

PLATFORMS
  ruby

DEPENDENCIES
  bundler (~> 1.6)
  byebug
  codeclimate-test-reporter
  nightcrawler_swift!
  rake
  rspec
